GEM
  remote: https://www.rubygems.org/
  specs:
    dogstatsd-ruby (1.2.0)
    hiredis (0.5.2)
    redis (3.0.7)

PLATFORMS
  ruby

DEPENDENCIES
  dogstatsd-ruby
  hiredis
  redis
