PATH
  remote: .
  specs:
    grizzly_ber (1.1.1)

GEM
  remote: https://rubygems.org/
  specs:
    byebug (11.1.3)
    columnize (0.9.0)
    debugger (1.6.8)
      columnize (>= 0.3.1)
      debugger-linecache (~> 1.2.0)
      debugger-ruby_core_source (~> 1.3.5)
    debugger-linecache (1.2.0)
    debugger-ruby_core_source (1.3.8)
    minitest (5.22.3)
    rake (13.2.1)

PLATFORMS
  ruby

DEPENDENCIES
  byebug
  debugger
  grizzly_ber!
  minitest
  rake

BUNDLED WITH
   2.5.7
